PATH
  remote: /Users/wildfauve/ruby/gems/any_port
  specs:
    any_port (0.1.0)
      faraday
      json
      ruby-kafka
      waterdrop

GEM
  remote: https://rubygems.org/
  specs:
    bigdecimal (1.2.7)
    bson (4.0.4)
    cassandra-driver (2.1.5)
      ione (~> 1.2)
    coderay (1.1.1)
    connection_pool (2.2.0)
    digest (0.0.1)
    faraday (0.9.2)
      multipart-post (>= 1.2, < 3)
    ione (1.2.3)
    json (1.8.3)
    method_source (0.8.2)
    mongo (2.2.4)
      bson (~> 4.0)
    multipart-post (2.0.0)
    null-logger (0.1.1)
    pry (0.10.3)
      coderay (~> 1.1.0)
      method_source (~> 0.8.1)
      slop (~> 3.4)
    rake (11.1.1)
    ruby-kafka (0.3.2)
    slop (3.6.0)
    waterdrop (0.3.0)
      bundler
      connection_pool
      null-logger
      rake
      ruby-kafka

PLATFORMS
  ruby

DEPENDENCIES
  any_port!
  bigdecimal
  cassandra-driver
  digest
  json
  mongo
  pry
  rake
  waterdrop

BUNDLED WITH
   1.10.6
